GEM
  remote: https://rubygems.org/
  specs:
    bert (1.1.6)
    eventmachine (1.0.3)
    rack (1.5.2)

PLATFORMS
  ruby

DEPENDENCIES
  bert
  eventmachine
  rack
